GEM
  remote: http://rubygems.org/
  specs:
    asciidoctor (1.5.5)
    asciidoctor-revealjs (1.0.0)
      asciidoctor (~> 1.5.4)
      slim (~> 3.0.6)
      thread_safe (~> 0.3.5)
    slim (3.0.7)
      temple (~> 0.7.6)
      tilt (>= 1.3.3, < 2.1)
    temple (0.7.7)
    thread_safe (0.3.5)
    tilt (2.0.5)

PLATFORMS
  ruby

DEPENDENCIES
  asciidoctor-revealjs

BUNDLED WITH
   1.11.2
